PATH
  remote: .
  specs:
    peekapp (0.1.0)
      curb (>= 0.7.9)
      json (>= 1.4.6)
      nokogiri (>= 1.4.4)

GEM
  remote: http://rubygems.org/
  specs:
    curb (0.7.10)
    json (1.5.0)
    nokogiri (1.4.4)

PLATFORMS
  ruby

DEPENDENCIES
  peekapp!
